GEM
  remote: https://rubygems.org/
  remote: https://desolate-caverns-2106.herokuapp.com/
  specs:
    diff-lcs (1.2.5)
    docile (1.1.5)
    json (1.8.3)
    qtbindings (4.8.6.2)
    rake (10.4.2)
    rspec (3.3.0)
      rspec-core (~> 3.3.0)
      rspec-expectations (~> 3.3.0)
      rspec-mocks (~> 3.3.0)
    rspec-core (3.3.1)
      rspec-support (~> 3.3.0)
    rspec-expectations (3.3.0)
      diff-lcs (>= 1.2.0, < 2.0)
      rspec-support (~> 3.3.0)
    rspec-mocks (3.3.1)
      diff-lcs (>= 1.2.0, < 2.0)
      rspec-support (~> 3.3.0)
    rspec-support (3.3.0)
    simplecov (0.10.0)
      docile (~> 1.1.0)
      json (~> 1.8)
      simplecov-html (~> 0.10.0)
    simplecov-html (0.10.0)
    tic_tac_toe_core (0.1.0)

PLATFORMS
  ruby

DEPENDENCIES
  qtbindings
  rake
  rspec
  simplecov
  tic_tac_toe_core!
